GEM
  remote: https://rubygems.org/
  specs:
    power_assert (1.2.0)
    test-unit (3.3.6)
      power_assert

PLATFORMS
  ruby

DEPENDENCIES
  test-unit

BUNDLED WITH
   2.0.2
